{
    "ECGChannelCount": 1,
    "EEGChannelCount": 128,
    "EEGReference": "Cz",
    "EMGChannelCount": 2,
    "EOGChannelCount": 0,
    "EpochLength": 1659.0,
    "InstitutionAddress": "Indian Institute of Information Technology Allahabad  Devghat, Jhalwa, Prayagraj-211015, U. P. INDIA",
    "InstitutionName": "Indian Institute of Information Technology Allahabad",
    "InstitutionalDepartmentName": "Center For Cognitive Computing",
    "MiscChannelCount": 0,
    "PowerLineFrequency": 50,
    "RecordingDuration": 1659.0,
    "SamplingFrequency": 250,
    "TaskName": "Emotion",
    "SoftwareFilters": "n/a",
    "TriggerChannelCount": 0
}